GEM
  remote: https://rubygems.org/
  specs:
    chunky_png (1.2.7)
    compass (0.12.2)
      chunky_png (~> 1.2)
      fssm (>= 0.2.7)
      sass (~> 3.1)
    faraday (0.8.7)
      multipart-post (~> 1.1)
    fssm (0.2.10)
    haml (4.0.0)
      tilt
    multi_json (1.7.7)
    multipart-post (1.2.0)
    rack (1.5.2)
    rack-protection (1.5.0)
      rack
    sass (3.2.9)
    simple_oauth (0.2.0)
    sinatra (1.3.6)
      rack (~> 1.4)
      rack-protection (~> 1.3)
      tilt (~> 1.3, >= 1.3.3)
    susy (1.0.8)
      compass (>= 0.12.2)
      sass (>= 3.2.0)
    tilt (1.4.1)
    twitter (4.8.1)
      faraday (~> 0.8, < 0.10)
      multi_json (~> 1.0)
      simple_oauth (~> 0.2)

PLATFORMS
  ruby

DEPENDENCIES
  compass
  haml
  rack
  sinatra
  susy
  twitter
